GEM
  remote: https://rubygems.org/
  specs:
    wrapture (0.5.0)

PLATFORMS
  ruby
  x86_64-linux

DEPENDENCIES
  wrapture (~> 0.5.0)

BUNDLED WITH
   2.2.0
