GEM
  remote: https://rubygems.org/
  specs:
    wrapture (0.5.0)

PLATFORMS
  ruby

DEPENDENCIES
  wrapture (~> 0.5.0)

BUNDLED WITH
   2.2.1
