GEM
  remote: https://rubygems.org/
  specs:
    wrapture (0.4.1)

PLATFORMS
  ruby

DEPENDENCIES
  wrapture (~> 0.4.1)

BUNDLED WITH
   2.1.4
